PATH
  remote: .
  specs:
    rally_cli (0.1.0)
      activesupport (~> 4.0.4)
      i18n
      rally_api (~> 0.9.25)

GEM
  remote: https://rubygems.org/
  specs:
    activesupport (4.0.4)
      i18n (~> 0.6, >= 0.6.9)
      minitest (~> 4.2)
      multi_json (~> 1.3)
      thread_safe (~> 0.1)
      tzinfo (~> 0.3.37)
    atomic (1.1.16)
    coderay (1.1.0)
    diff-lcs (1.2.5)
    docile (1.1.3)
    highline (1.6.21)
    httpclient (2.3.4.1)
    i18n (0.6.9)
    method_source (0.8.2)
    minitest (4.7.5)
    multi_json (1.9.2)
    pry (0.9.12.6)
      coderay (~> 1.0)
      method_source (~> 0.8)
      slop (~> 3.4)
    rake (10.2.2)
    rally_api (0.9.25)
      httpclient (~> 2.3.0)
    rspec (2.14.1)
      rspec-core (~> 2.14.0)
      rspec-expectations (~> 2.14.0)
      rspec-mocks (~> 2.14.0)
    rspec-core (2.14.8)
    rspec-expectations (2.14.5)
      diff-lcs (>= 1.1.3, < 2.0)
    rspec-mocks (2.14.6)
    simplecov (0.8.2)
      docile (~> 1.1.0)
      multi_json
      simplecov-html (~> 0.8.0)
    simplecov-html (0.8.0)
    slop (3.5.0)
    thread_safe (0.3.1)
      atomic (>= 1.1.7, < 2)
    timecop (0.7.1)
    tzinfo (0.3.39)
    vcr (2.9.0)

PLATFORMS
  ruby

DEPENDENCIES
  bundler
  highline
  pry
  rake
  rally_cli!
  rspec
  rspec-mocks
  simplecov
  timecop
  vcr (~> 2.9.0)
